GEM
  remote: http://rubygems.org/
  specs:
    gems (0.8.3)

PLATFORMS
  ruby

DEPENDENCIES
  gems
