GEM
  remote: http://rubygems.org/
  specs:
    activemodel (3.2.18)
      activesupport (= 3.2.18)
      builder (~> 3.0.0)
    activesupport (3.2.18)
      i18n (~> 0.6, >= 0.6.4)
      multi_json (~> 1.0)
    builder (3.0.4)
    gems (0.8.3)
    haml (4.0.5)
      tilt
    i18n (0.6.9)
    minitest (4.7.5)
    minitest-activemodel (1.0.0)
      activemodel (>= 3.2)
      minitest (~> 4.1)
      minitest-matchers (~> 1.2)
    minitest-matchers (1.3.0)
      minitest (~> 4.7)
    mongoid (3.1.6)
      activemodel (~> 3.2)
      moped (~> 1.4)
      origin (~> 1.0)
      tzinfo (~> 0.3.29)
    mongoid-minitest (1.0.0)
      minitest (~> 4.1)
      minitest-activemodel (~> 1.0)
      minitest-matchers (~> 1.2)
      mongoid (>= 3)
    moped (1.5.2)
    multi_json (1.10.1)
    origin (1.1.0)
    rack (1.5.2)
    rack-protection (1.5.3)
      rack
    sinatra (1.4.5)
      rack (~> 1.4)
      rack-protection (~> 1.4)
      tilt (~> 1.3, >= 1.3.4)
    tilt (1.4.1)
    tzinfo (0.3.39)

PLATFORMS
  ruby

DEPENDENCIES
  gems
  haml
  mongoid
  mongoid-minitest
  sinatra
